GEM
  remote: https://rubygems.org/
  specs:
    sequel (4.21.0)
    sqlite3 (1.3.10)

PLATFORMS
  ruby

DEPENDENCIES
  sequel
  sequel_polymorphic
  sqlite3
