GEM
  remote: https://rubygems.org/
  specs:
    sequel (4.17.0)
    sequel-noinflectors (0.1.0)
    sqlite3 (1.3.10)

PLATFORMS
  ruby

DEPENDENCIES
  sequel
  sequel-noinflectors
  sqlite3
